GEM
  remote: https://rubygems.org/
  specs:
    excon (0.62.0)
    mini_portile2 (2.3.0)
    nokogiri (1.8.4)
      mini_portile2 (~> 2.3.0)

PLATFORMS
  ruby

DEPENDENCIES
  excon
  nokogiri

BUNDLED WITH
   1.16.3
